GIT
  remote: https://github.com/olery/jekyll-slim
  revision: 48c27ea4d5070b9d7313c21e91f9ce4e647b68bc
  ref: 48c27ea
  specs:
    jekyll-slim (0.10.1)
      jekyll (~> 3.1)
      slim

GIT
  remote: https://github.com/robwierzbowski/jekyll-picture-tag
  revision: e63cf4e024d413880f6a252ab7d7a167c96b01af
  specs:
    jekyll-picture-tag (1.2.0)
      fastimage (~> 2)
      jekyll (< 4)
      mime-types (~> 3)
      mini_magick (~> 4)
      objective_elements (~> 1.1)

GIT
  remote: https://github.com/tobyspark/jekyll-liquify
  revision: 37660990799090772b7cfefa596c0ef1d48dc2d1
  specs:
    jekyll-liquify (0.0.1)
      liquid (>= 2.5)
      redcarpet (~> 3.1)

GEM
  remote: https://rubygems.org/
  specs:
    activesupport (5.2.3)
      concurrent-ruby (~> 1.0, >= 1.0.2)
      i18n (>= 0.7, < 2)
      minitest (~> 5.1)
      tzinfo (~> 1.1)
    addressable (2.5.2)
      public_suffix (>= 2.0.2, < 4.0)
    backports (3.13.0)
    colorator (1.1.0)
    concurrent-ruby (1.0.5)
    em-websocket (0.5.1)
      eventmachine (>= 0.12.9)
      http_parser.rb (~> 0.6.0)
    eventmachine (1.2.6)
    execjs (2.7.0)
    extras (0.3.0)
      forwardable-extended (~> 2.5)
    fastimage (2.1.5)
    ffi (1.9.23)
    forwardable-extended (2.6.0)
    http_parser.rb (0.6.0)
    i18n (0.9.5)
      concurrent-ruby (~> 1.0)
    jekyll (3.8.1)
      addressable (~> 2.4)
      colorator (~> 1.0)
      em-websocket (~> 0.5)
      i18n (~> 0.7)
      jekyll-sass-converter (~> 1.0)
      jekyll-watch (~> 2.0)
      kramdown (~> 1.14)
      liquid (~> 4.0)
      mercenary (~> 0.3.3)
      pathutil (~> 0.9)
      rouge (>= 1.7, < 4)
      safe_yaml (~> 1.0)
    jekyll-archives (2.2.1)
      jekyll (>= 3.6, < 5.0)
    jekyll-assets (3.0.12)
      activesupport (~> 5.0)
      execjs (~> 2.7)
      extras (~> 0.2)
      fastimage (~> 2.0, >= 1.8)
      jekyll (>= 3.5, < 4.0)
      jekyll-sanity (~> 1.2)
      liquid-tag-parser (~> 1.0)
      nokogiri (~> 1.8)
      pathutil (~> 0.16)
      sprockets (>= 3.3, < 4.1.beta)
    jekyll-compose (0.11.0)
      jekyll (>= 3.7, < 5.0)
    jekyll-contentblocks (1.2.0)
      jekyll
    jekyll-data (1.0.0)
      jekyll (~> 3.3)
    jekyll-deploy (0.0.2)
    jekyll-extract (0.1.0)
      jekyll (~> 3.3)
    jekyll-firstimage (1.0.0)
      jekyll (~> 3.6)
      nokogiri (~> 1.8)
    jekyll-manager (0.1.1)
      addressable (~> 2.4)
      jekyll (~> 3.5)
      oj (~> 3.3, >= 3.3.2)
      sinatra (~> 1.4)
      sinatra-contrib (~> 1.4)
    jekyll-optional-front-matter (0.3.0)
      jekyll (~> 3.0)
    jekyll-paginate-v2 (2.0.0)
      jekyll (~> 3.0)
    jekyll-polyglot (1.3.1)
      jekyll (>= 3.0)
    jekyll-postfiles (2.1.1)
    jekyll-redirect-from (0.15.0)
      jekyll (>= 3.3, < 5.0)
    jekyll-sanity (1.2.0)
      jekyll (~> 3.1)
    jekyll-sass-converter (1.5.2)
      sass (~> 3.4)
    jekyll-seo-tag (2.6.0)
      jekyll (~> 3.3)
    jekyll-sitemap (1.3.1)
      jekyll (>= 3.7, < 5.0)
    jekyll-titles-from-headings (0.5.1)
      jekyll (~> 3.3)
    jekyll-watch (2.0.0)
      listen (~> 3.0)
    jekyll_inline_highlight (3.0)
      jekyll (~> 3.0)
    kramdown (1.16.2)
    liquid (4.0.0)
    liquid-humanize-number (1.0.2)
    liquid-tag-parser (1.9.0)
      extras (~> 0.3)
      liquid (>= 3.0, < 5.0)
    liquid_pluralize (1.0.3)
      liquid (>= 2.6, < 5.0)
    listen (3.1.5)
      rb-fsevent (~> 0.9, >= 0.9.4)
      rb-inotify (~> 0.9, >= 0.9.7)
      ruby_dep (~> 1.2)
    mercenary (0.3.6)
    mime-types (3.2.2)
      mime-types-data (~> 3.2015)
    mime-types-data (3.2019.0331)
    mini_magick (4.9.3)
    mini_portile2 (2.4.0)
    minitest (5.11.3)
    multi_json (1.13.1)
    nokogiri (1.10.2)
      mini_portile2 (~> 2.4.0)
    objective_elements (1.1.0)
    oj (3.7.12)
    pathutil (0.16.1)
      forwardable-extended (~> 2.6)
    public_suffix (3.0.2)
    rack (1.6.11)
    rack-protection (1.5.5)
      rack
    rack-test (1.1.0)
      rack (>= 1.0, < 3)
    rb-fsevent (0.10.3)
    rb-inotify (0.9.10)
      ffi (>= 0.5.0, < 2)
    redcarpet (3.4.0)
    rouge (3.1.1)
    ruby_dep (1.5.0)
    safe_yaml (1.0.4)
    sass (3.5.6)
      sass-listen (~> 4.0.0)
    sass-listen (4.0.0)
      rb-fsevent (~> 0.9, >= 0.9.4)
      rb-inotify (~> 0.9, >= 0.9.7)
    sinatra (1.4.8)
      rack (~> 1.5)
      rack-protection (~> 1.4)
      tilt (>= 1.3, < 3)
    sinatra-contrib (1.4.7)
      backports (>= 2.0)
      multi_json
      rack-protection
      rack-test
      sinatra (~> 1.4.0)
      tilt (>= 1.3, < 3)
    slim (4.0.1)
      temple (>= 0.7.6, < 0.9)
      tilt (>= 2.0.6, < 2.1)
    sprockets (3.7.2)
      concurrent-ruby (~> 1.0)
      rack (> 1, < 3)
    temple (0.8.1)
    thread_safe (0.3.6)
    tilt (2.0.9)
    tzinfo (1.2.5)
      thread_safe (~> 0.1)

PLATFORMS
  ruby

DEPENDENCIES
  jekyll (~> 3.8.0)
  jekyll-archives
  jekyll-assets
  jekyll-compose
  jekyll-contentblocks
  jekyll-data
  jekyll-deploy
  jekyll-extract
  jekyll-firstimage
  jekyll-liquify!
  jekyll-manager
  jekyll-optional-front-matter
  jekyll-paginate-v2
  jekyll-picture-tag!
  jekyll-polyglot
  jekyll-postfiles
  jekyll-redirect-from
  jekyll-seo-tag
  jekyll-sitemap
  jekyll-slim!
  jekyll-titles-from-headings
  jekyll_inline_highlight
  liquid-humanize-number
  liquid_pluralize
  slim

RUBY VERSION
   ruby 2.6.0p0

BUNDLED WITH
   1.17.3
